PATH
  remote: .
  specs:
    sendpulse (0.0.1)

GEM
  remote: https://rubygems.org/
  specs:
    diff-lcs (1.3)
    docile (1.1.5)
    dotenv (2.1.1)
    faker (1.7.3)
      i18n (~> 0.5)
    i18n (0.8.1)
    json (2.0.3)
    rake (10.5.0)
    rspec (3.5.0)
      rspec-core (~> 3.5.0)
      rspec-expectations (~> 3.5.0)
      rspec-mocks (~> 3.5.0)
    rspec-core (3.5.4)
      rspec-support (~> 3.5.0)
    rspec-expectations (3.5.0)
      diff-lcs (>= 1.2.0, < 2.0)
      rspec-support (~> 3.5.0)
    rspec-mocks (3.5.0)
      diff-lcs (>= 1.2.0, < 2.0)
      rspec-support (~> 3.5.0)
    rspec-support (3.5.0)
    simplecov (0.14.1)
      docile (~> 1.1.0)
      json (>= 1.8, < 3)
      simplecov-html (~> 0.10.0)
    simplecov-html (0.10.0)

PLATFORMS
  ruby

DEPENDENCIES
  bundler (~> 1.7)
  dotenv (~> 2.1.1)
  faker (~> 1.7.3)
  rake (~> 10.0)
  rspec (~> 3.2)
  sendpulse!
  simplecov (~> 0.14.1)

BUNDLED WITH
   1.14.6
